GEM
  remote: https://rubygems.org/
  specs:
    eventmachine (1.0.3)
    eventmachine (1.0.3-java)
    ffi (1.0.9)
    ffi (1.0.9-java)
    git (1.2.5)
    jeweler (1.8.4)
      bundler (~> 1.0)
      git (>= 1.2.5)
      rake
      rdoc
    json (1.7.7)
    json (1.7.7-java)
    rake (0.9.6)
    rdoc (4.0.1)
      json (~> 1.4)

PLATFORMS
  java
  ruby

DEPENDENCIES
  bundler
  eventmachine
  ffi
  jeweler
  rake (~> 0.9.2)
